GEM
  remote: http://rubygems.org/
  specs:
    choice (0.2.0)
    git (1.2.9.1)
    json (2.3.0)
    json (2.3.0-java)

PLATFORMS
  java
  ruby

DEPENDENCIES
  choice
  git
  json

BUNDLED WITH
   1.11.2
